NUGET
  remote: https://www.nuget.org/api/v2
    FAKE (4.47.1)
    FSharp.Core (4.0.0.1)
    FsLexYacc (7.0.3)
      FsLexYacc.Runtime (>= 7.0.3 < 7.1)
    FsLexYacc.Runtime (7.0.3)
      FSharp.Core (>= 3.1.2.5)
